GEM
  remote: https://rubygems.org/
  specs:
    aws-eventstream (1.0.3)
    aws-partitions (1.164.0)
    aws-sdk-core (3.52.1)
      aws-eventstream (~> 1.0, >= 1.0.2)
      aws-partitions (~> 1.0)
      aws-sigv4 (~> 1.1)
      jmespath (~> 1.0)
    aws-sdk-kms (1.20.0)
      aws-sdk-core (~> 3, >= 3.52.1)
      aws-sigv4 (~> 1.1)
    aws-sdk-s3 (1.39.0)
      aws-sdk-core (~> 3, >= 3.52.1)
      aws-sdk-kms (~> 1)
      aws-sigv4 (~> 1.0)
    aws-sigv4 (1.1.0)
      aws-eventstream (~> 1.0, >= 1.0.2)
    daemons (1.3.1)
    dotenv (2.7.2)
    eventmachine (1.2.7)
    httparty (0.17.0)
      mime-types (~> 3.0)
      multi_xml (>= 0.5.2)
    jmespath (1.4.0)
    mime-types (3.2.2)
      mime-types-data (~> 3.2015)
    mime-types-data (3.2019.0331)
    multi_xml (0.6.0)
    mustermann (1.1.1)
      ruby2_keywords (~> 0.0.1)
    net-ssh (5.2.0)
    rack (2.2.3)
    rack-protection (2.2.0)
      rack
    rack-ssl-enforcer (0.2.9)
    ruby2_keywords (0.0.5)
    sinatra (2.2.0)
      mustermann (~> 1.0)
      rack (~> 2.2)
      rack-protection (= 2.2.0)
      tilt (~> 2.0)
    thin (1.7.2)
      daemons (~> 1.0, >= 1.0.9)
      eventmachine (~> 1.0, >= 1.0.4)
      rack (>= 1, < 3)
    tilt (2.0.10)

PLATFORMS
  ruby

DEPENDENCIES
  aws-sdk-s3 (~> 1)
  dotenv
  httparty
  net-ssh
  rack-ssl-enforcer
  sinatra
  thin

BUNDLED WITH
   2.0.1
